GIT
  remote: git://github.com/opscode/omnibus-software.git
  revision: 39f18a0e83cdc4af44b50d1d4d7ab388ca9ef532
  branch: master
  specs:
    omnibus-software (0.0.1)

GEM
  remote: https://rubygems.org/
  specs:
    addressable (2.3.5)
    arr-pm (0.0.8)
      cabin (> 0)
    backports (3.3.4)
    cabin (0.6.1)
    capistrano (2.14.1)
      highline
      net-scp (>= 1.0.0)
      net-sftp (>= 2.0.0)
      net-ssh (>= 2.0.14)
      net-ssh-gateway (>= 1.1.0)
    capistrano-ext (1.2.1)
      capistrano (>= 1.0.0)
    childprocess (0.3.9)
      ffi (~> 1.0, >= 1.0.11)
    clamp (0.6.1)
    colorize (0.6.0)
    ffi (1.9.0)
    fpm (0.4.42)
      arr-pm (~> 0.0.8)
      backports (>= 2.6.2)
      cabin (>= 0.6.0)
      childprocess
      clamp (~> 0.6)
      ftw (~> 0.0.30)
      json (>= 1.7.7)
    ftw (0.0.34)
      addressable
      backports (>= 2.6.2)
      cabin (> 0)
      http_parser.rb (= 0.5.3)
    highline (1.6.19)
    http_parser.rb (0.5.3)
    json (1.8.0)
    mime-types (1.25)
    mixlib-config (1.1.2)
    mixlib-shellout (1.1.0)
    net-scp (1.1.2)
      net-ssh (>= 2.6.5)
    net-sftp (2.1.2)
      net-ssh (>= 2.6.5)
    net-ssh (2.6.8)
    net-ssh-gateway (1.2.0)
      net-ssh (>= 2.6.5)
    ohai (6.16.0)
    omnibus (1.2.0)
      fpm (~> 0.4.33)
      mixlib-config (~> 1.1.2)
      mixlib-shellout (~> 1.0)
      ohai (>= 0.6.12)
      rake (>= 0.9)
      thor (>= 0.16.0)
      uber-s3
    rake (10.1.0)
    thor (0.18.1)
    uber-s3 (0.2.4)
      mime-types (~> 1.17)

PLATFORMS
  ruby

DEPENDENCIES
  capistrano (= 2.14.1)
  capistrano-ext (= 1.2.1)
  colorize
  omnibus (~> 1.2.0)
  omnibus-software!
